GIT
  remote: git://github.com/7even/zodiac.git
  revision: 828805d00680034733ae428e92c5d49f86f7ee5c
  specs:
    zodiac (0.2.0)
      funtimes
      i18n

GIT
  remote: git://github.com/baxang/ajaxful_rating_jquery.git
  revision: 0715118ba6db96abda8dd3e76b1064c5679991f3
  branch: rails3
  specs:
    ajaxful_rating_jquery (3.0.0.beta3)

GIT
  remote: git://github.com/brynary/webrat.git
  revision: fea21fc15a866752a4c114658649c2c864c99bc1
  specs:
    webrat (0.7.3)
      nokogiri (>= 1.2.0)
      rack (>= 1.0)
      rack-test (>= 0.5.3)

GIT
  remote: git://github.com/freelancing-god/thinking-sphinx.git
  revision: 3fcecd4ab738c6a52717fcce89a6ad363f6c579e
  branch: rails3
  specs:
    thinking-sphinx (2.0.7)
      activerecord (>= 3.0.3)
      builder (>= 2.1.2)
      riddle (>= 1.3.3)

GIT
  remote: git://github.com/igor-alexandrov/paperclip-aws.git
  revision: 1fd7e787c83891b56497c696a13a25ceac229cd8
  specs:
    paperclip-aws (1.1.3)
      aws-sdk (>= 1.1.0)
      paperclip (>= 2.3.0)

GIT
  remote: git://github.com/intridea/omniauth.git
  revision: 62c84408a5c07b57135db454383e1ce30a7967ef
  tag: v0.3.0.rc3
  specs:
    oa-basic (0.3.0.rc3)
      oa-core (= 0.3.0.rc3)
      rest-client (~> 1.6.0)
    oa-core (0.3.0.rc3)
    oa-enterprise (0.3.0.rc3)
      XMLCanonicalizer (~> 1.0.1)
      addressable (~> 2.2.6)
      net-ldap (~> 0.2.2)
      nokogiri (~> 1.5.0)
      oa-core (= 0.3.0.rc3)
      pyu-ruby-sasl (~> 0.0.3.1)
      rubyntlm (~> 0.1.1)
      uuid
    oa-more (0.3.0.rc3)
      multi_json (~> 1.0.0)
      oa-core (= 0.3.0.rc3)
      rest-client (~> 1.6.0)
    oa-oauth (0.3.0.rc3)
      faraday (~> 0.7.3)
      multi_json (~> 1.0.0)
      multi_xml (~> 0.3.0)
      oa-core (= 0.3.0.rc3)
      oauth (~> 0.4.0)
      oauth2 (~> 0.5.0)
    oa-openid (0.3.0.rc3)
      oa-core (= 0.3.0.rc3)
      rack-openid (~> 1.3.1)
      ruby-openid-apps-discovery (~> 1.2.0)
    omniauth (0.3.0.rc3)
      oa-basic (= 0.3.0.rc3)
      oa-core (= 0.3.0.rc3)
      oa-enterprise (= 0.3.0.rc3)
      oa-more (= 0.3.0.rc3)
      oa-oauth (= 0.3.0.rc3)
      oa-openid (= 0.3.0.rc3)

GIT
  remote: git://github.com/jim/carmen.git
  revision: 70fb2c9c2c605cd60a3c5c24ff53a40b93a4987b
  specs:
    carmen (0.2.7)

GIT
  remote: git://github.com/mislav/will_paginate.git
  revision: a2648e77294806e0e46395e0d3076adf9bee00a0
  branch: rails3
  specs:
    will_paginate (3.0.pre4)

GIT
  remote: git://github.com/nex3/haml.git
  revision: 952c3ebbd8e8782f91d77012b174f9eaad8ed5d4
  specs:
    haml (3.2.0.alpha.0)

GIT
  remote: git://github.com/norman/friendly_id.git
  revision: b5b1870531828aa5e986e3dc57338dc374cd1cc1
  specs:
    friendly_id (4.0.0.beta11)

GIT
  remote: git://github.com/plataformatec/devise.git
  revision: 08a8d7bf51784acd9e242402118278a49809245f
  specs:
    devise (1.4.6)
      bcrypt-ruby (~> 3.0)
      orm_adapter (~> 0.0.3)
      warden (~> 1.0.3)

GIT
  remote: git://github.com/rails/dynamic_form.git
  revision: ebb03213ef8268e24c60e5e162b811d199777227
  specs:
    dynamic_form (1.0.0)
      rails (>= 3.0.0)

GIT
  remote: git://github.com/rspec/rspec-rails.git
  revision: 9a92b752f40dd2d14ae33c6e7345f16b20ec14fb
  specs:
    rspec-rails (2.6.1)
      actionpack (~> 3.0)
      activesupport (~> 3.0)
      railties (~> 3.0)
      rspec (~> 2.6.0)

GIT
  remote: git://github.com/spilliton/randumb.git
  revision: e9ba896c801fd4bae9a8f79e37c0991c4c7f5fff
  specs:
    randumb (0.1.3)

GIT
  remote: git://github.com/thoughtbot/factory_girl_rails.git
  revision: c7d54d2c31b49a27e7b303acee854a0788475aea
  specs:
    factory_girl_rails (1.2.0)
      factory_girl (~> 2.1.0)
      railties (>= 3.0.0)

GIT
  remote: git://github.com/thoughtbot/paperclip.git
  revision: f12e2e86c688155a2c47f638feeb54e3be8ee392
  specs:
    paperclip (2.4.1)
      activerecord (>= 2.3.0)
      activesupport (>= 2.3.2)
      cocaine (>= 0.0.2)
      mime-types

GIT
  remote: git://github.com/tomharris/random_data.git
  revision: 2f92c979d87da72709874c19946ed048777760a5
  specs:
    random_data (1.5.2)

GEM
  remote: http://rubygems.org/
  specs:
    XMLCanonicalizer (1.0.1)
      log4r (>= 1.0.4)
    actionmailer (3.1.0)
      actionpack (= 3.1.0)
      mail (~> 2.3.0)
    actionpack (3.1.0)
      activemodel (= 3.1.0)
      activesupport (= 3.1.0)
      builder (~> 3.0.0)
      erubis (~> 2.7.0)
      i18n (~> 0.6)
      rack (~> 1.3.2)
      rack-cache (~> 1.0.3)
      rack-mount (~> 0.8.2)
      rack-test (~> 0.6.1)
      sprockets (~> 2.0.0)
    activemodel (3.1.0)
      activesupport (= 3.1.0)
      bcrypt-ruby (~> 3.0.0)
      builder (~> 3.0.0)
      i18n (~> 0.6)
    activerecord (3.1.0)
      activemodel (= 3.1.0)
      activesupport (= 3.1.0)
      arel (~> 2.2.1)
      tzinfo (~> 0.3.29)
    activerecord-import (0.2.8)
      activerecord (~> 3.0pre)
      activerecord (~> 3.0pre)
    activeresource (3.1.0)
      activemodel (= 3.1.0)
      activesupport (= 3.1.0)
    activesupport (3.1.0)
      multi_json (~> 1.0)
    addressable (2.2.6)
    ansi (1.3.0)
    arel (2.2.1)
    aws-sdk (1.1.4)
      httparty (~> 0.7)
      json (~> 1.4)
      nokogiri (>= 1.4.4)
      uuidtools (~> 2.1)
    bcrypt-ruby (3.0.1)
    builder (3.0.0)
    childprocess (0.2.2)
      ffi (~> 1.0.6)
    cocaine (0.2.0)
    coffee-script (2.2.0)
      coffee-script-source
      execjs
    coffee-script-source (1.1.2)
    diff-lcs (1.1.3)
    erubis (2.7.0)
    execjs (1.2.8)
      multi_json (~> 1.0)
    factory_girl (2.1.0)
    faraday (0.7.4)
      addressable (~> 2.2.6)
      multipart-post (~> 1.1.0)
      rack (< 2, >= 1.1.0)
    ffi (1.0.9)
    funtimes (0.2.1)
    hike (1.2.1)
    httparty (0.8.0)
      multi_json
      multi_xml
    i18n (0.6.0)
    image_downloader (0.2.4)
      nokogiri (>= 1.4.4)
    jasmine (1.1.0)
      jasmine-core (>= 1.1.0)
      rack (>= 1.1)
      rspec (>= 1.3.1)
      selenium-webdriver (>= 0.1.3)
    jasmine-core (1.1.0)
    jquery-rails (1.0.14)
      railties (~> 3.0)
      thor (~> 0.14)
    json (1.6.1)
    json_pure (1.6.1)
    libv8 (3.3.10.2)
    log4r (1.1.9)
    macaddr (1.4.0)
      systemu (~> 2.2.0)
    mail (2.3.0)
      i18n (>= 0.4.0)
      mime-types (~> 1.16)
      treetop (~> 1.4.8)
    mime-types (1.16)
    multi_json (1.0.3)
    multi_xml (0.3.0)
    multipart-post (1.1.3)
    mysql2 (0.3.7)
    net-ldap (0.2.2)
    nokogiri (1.5.0)
    oauth (0.4.5)
    oauth2 (0.5.0)
      faraday (< 0.8, >= 0.6.1)
      multi_json (~> 1.0.0)
    orm_adapter (0.0.5)
    pg (0.11.0)
    polyglot (0.3.2)
    pyu-ruby-sasl (0.0.3.3)
    rack (1.3.3)
    rack-cache (1.0.3)
      rack (>= 0.4)
    rack-mount (0.8.3)
      rack (>= 1.0.0)
    rack-openid (1.3.1)
      rack (>= 1.1.0)
      ruby-openid (>= 2.1.8)
    rack-ssl (1.3.2)
      rack
    rack-test (0.6.1)
      rack (>= 1.0)
    rails (3.1.0)
      actionmailer (= 3.1.0)
      actionpack (= 3.1.0)
      activerecord (= 3.1.0)
      activeresource (= 3.1.0)
      activesupport (= 3.1.0)
      bundler (~> 1.0)
      railties (= 3.1.0)
    rails-footnotes (3.7.5.rc4)
      rails (>= 3.0.0)
    railties (3.1.0)
      actionpack (= 3.1.0)
      activesupport (= 3.1.0)
      rack-ssl (~> 1.3.2)
      rake (>= 0.8.7)
      rdoc (~> 3.4)
      thor (~> 0.14.6)
    rake (0.9.2)
    rdoc (3.9.4)
    rest-client (1.6.7)
      mime-types (>= 1.16)
    riddle (1.4.0)
    rspec (2.6.0)
      rspec-core (~> 2.6.0)
      rspec-expectations (~> 2.6.0)
      rspec-mocks (~> 2.6.0)
    rspec-core (2.6.4)
    rspec-expectations (2.6.0)
      diff-lcs (~> 1.1.2)
    rspec-mocks (2.6.0)
    ruby-openid (2.1.8)
    ruby-openid-apps-discovery (1.2.0)
      ruby-openid (>= 2.1.7)
    rubyntlm (0.1.1)
    rubyzip (0.9.4)
    sass (3.1.7)
    sass-rails (3.1.2)
      actionpack (~> 3.1.0)
      railties (~> 3.1.0)
      sass (>= 3.1.4)
      sprockets (~> 2.0.0)
      tilt (~> 1.3.2)
    selenium-webdriver (2.6.0)
      childprocess (>= 0.2.1)
      ffi (>= 1.0.7)
      json_pure
      rubyzip
    sequel (3.20.0)
    sinatra (1.0)
      rack (>= 1.0)
    spork (0.8.5)
    sprockets (2.0.0)
      hike (~> 1.2)
      rack (~> 1.0)
      tilt (!= 1.3.0, ~> 1.1)
    sqlite3 (1.3.4)
    sqlite3-ruby (1.3.3)
      sqlite3 (>= 1.3.3)
    systemu (2.2.0)
    taps (0.3.23)
      rack (>= 1.0.1)
      rest-client (< 1.7.0, >= 1.4.0)
      sequel (~> 3.20.0)
      sinatra (~> 1.0.0)
      sqlite3-ruby (~> 1.2)
    therubyracer (0.9.4)
      libv8 (~> 3.3.10)
    therubyracer-heroku (0.8.1.pre3)
    thor (0.14.6)
    tilt (1.3.3)
    treetop (1.4.10)
      polyglot
      polyglot (>= 0.3.1)
    turn (0.8.2)
      ansi (>= 1.2.2)
    tzinfo (0.3.29)
    uglifier (1.0.3)
      execjs (>= 0.3.0)
      multi_json (>= 1.0.2)
    uuid (2.3.4)
      macaddr (~> 1.0)
    uuidtools (2.1.2)
    warden (1.0.5)
      rack (>= 1.0)

PLATFORMS
  ruby

DEPENDENCIES
  activerecord-import
  ajaxful_rating_jquery!
  aws-sdk
  carmen!
  coffee-script
  devise!
  dynamic_form!
  execjs
  factory_girl_rails!
  friendly_id!
  haml!
  image_downloader
  jasmine
  jquery-rails
  mysql2
  nokogiri
  omniauth!
  paperclip!
  paperclip-aws!
  pg
  rails (= 3.1.0)
  rails-footnotes (>= 3.7.5.rc4)
  random_data!
  randumb!
  rspec-rails!
  sass-rails
  spork
  taps
  therubyracer
  therubyracer-heroku (= 0.8.1.pre3)
  thinking-sphinx!
  turn
  uglifier
  webrat!
  will_paginate!
  zodiac!
