GIT
  remote: git://github.com/7even/zodiac.git
  revision: 5a1f12fa2394dd5ed3daac212b0189891f95cc9f
  specs:
    zodiac (0.1.1)
      funtimes
      i18n

GIT
  remote: git://github.com/apneadiving/Google-Maps-for-Rails.git
  revision: ea899c54ec69cb909369d622e7b41e3d5b1ea8c9
  specs:
    gmaps4rails (0.11.1)
      crack

GIT
  remote: git://github.com/arsduo/koala.git
  revision: 91a223759b0d9c73576dfc709a52ffaa9b2df1d5
  specs:
    koala (1.2.0beta2)
      faraday (~> 0.7.0)
      multi_json (~> 1.0)

GIT
  remote: git://github.com/baxang/ajaxful_rating_jquery.git
  revision: 0715118ba6db96abda8dd3e76b1064c5679991f3
  branch: rails3
  specs:
    ajaxful_rating_jquery (3.0.0.beta3)

GIT
  remote: git://github.com/brynary/webrat.git
  revision: fea21fc15a866752a4c114658649c2c864c99bc1
  specs:
    webrat (0.7.3)
      nokogiri (>= 1.2.0)
      rack (>= 1.0)
      rack-test (>= 0.5.3)

GIT
  remote: git://github.com/chrislloyd/gravtastic.git
  revision: 2b2252c0aee98854d94f040d88a9f70c1da3097d
  specs:
    gravtastic (3.2.6)

GIT
  remote: git://github.com/freelancing-god/thinking-sphinx.git
  revision: 39f6dd65e94b2036c5007e44acb94753d46d099f
  branch: rails3
  specs:
    thinking-sphinx (2.0.7)
      activerecord (>= 3.0.3)
      riddle (>= 1.3.3)

GIT
  remote: git://github.com/igor-alexandrov/paperclip-aws.git
  revision: 1fd7e787c83891b56497c696a13a25ceac229cd8
  specs:
    paperclip-aws (1.1.3)
      aws-sdk (>= 1.1.0)
      paperclip (>= 2.3.0)

GIT
  remote: git://github.com/intridea/omniauth.git
  revision: abe1d1c9aa912c315904023ee6938191befbfb3b
  specs:
    oa-basic (0.3.0.rc1)
      oa-core (= 0.3.0.rc1)
      rest-client (~> 1.6.0)
    oa-core (0.3.0.rc1)
    oa-enterprise (0.3.0.rc1)
      addressable (~> 2.2.6)
      net-ldap (~> 0.2.2)
      nokogiri (~> 1.5.0)
      oa-core (= 0.3.0.rc1)
      pyu-ruby-sasl (~> 0.0.3.1)
      rubyntlm (~> 0.1.1)
    oa-more (0.3.0.rc1)
      multi_json (~> 1.0.0)
      oa-core (= 0.3.0.rc1)
      rest-client (~> 1.6.0)
    oa-oauth (0.3.0.rc1)
      faraday (~> 0.7.3)
      multi_json (~> 1.0.0)
      multi_xml (~> 0.3.0)
      oa-core (= 0.3.0.rc1)
      oauth (~> 0.4.0)
      oauth2 (~> 0.5.0)
    oa-openid (0.3.0.rc1)
      oa-core (= 0.3.0.rc1)
      rack-openid (~> 1.3.1)
      ruby-openid-apps-discovery (~> 1.2.0)
    omniauth (0.3.0.rc1)
      oa-basic (= 0.3.0.rc1)
      oa-core (= 0.3.0.rc1)
      oa-enterprise (= 0.3.0.rc1)
      oa-more (= 0.3.0.rc1)
      oa-oauth (= 0.3.0.rc1)
      oa-openid (= 0.3.0.rc1)

GIT
  remote: git://github.com/jim/carmen.git
  revision: 9dfe06f87cba6905aaa6c5b3e4b75c00743ef92f
  specs:
    carmen (0.2.7)

GIT
  remote: git://github.com/mislav/will_paginate.git
  revision: a2648e77294806e0e46395e0d3076adf9bee00a0
  branch: rails3
  specs:
    will_paginate (3.0.pre4)

GIT
  remote: git://github.com/nex3/haml.git
  revision: 8e77ab6ff6c14b793b2fd348c8a3211927428b14
  specs:
    haml (3.2.0.alpha.0)

GIT
  remote: git://github.com/norman/friendly_id.git
  revision: 5d6cd94cbba0582a0c14973f5907614d3aa3e1c5
  specs:
    friendly_id (4.0.0.beta9)

GIT
  remote: git://github.com/plataformatec/devise.git
  revision: b9413ab3167376c491ea9089ea0859500e653a86
  specs:
    devise (1.4.2)
      bcrypt-ruby (~> 2.1.2)
      orm_adapter (~> 0.0.3)
      warden (~> 1.0.3)

GIT
  remote: git://github.com/rails/dynamic_form.git
  revision: ebb03213ef8268e24c60e5e162b811d199777227
  specs:
    dynamic_form (1.0.0)
      rails (>= 3.0.0)

GIT
  remote: git://github.com/rspec/rspec-rails.git
  revision: 58e89df6504ec6bdf23ed700a79375e37202198d
  specs:
    rspec-rails (2.6.1)
      actionpack (~> 3.0)
      activesupport (~> 3.0)
      railties (~> 3.0)
      rspec (~> 2.6.0)

GIT
  remote: git://github.com/spilliton/randumb.git
  revision: 5c018bb7b61c777348b357a5e0371049cf898a52
  specs:
    randumb (0.1.2)

GIT
  remote: git://github.com/thoughtbot/factory_girl_rails.git
  revision: cec108dbeb94ce38d712183a95e0c6bbaa84747b
  specs:
    factory_girl_rails (1.1.0)
      factory_girl (~> 2.0.0)
      railties (>= 3.0.0)

GIT
  remote: git://github.com/thoughtbot/paperclip.git
  revision: f71ebb444d7986795a55ed1cd32b703f571f130e
  specs:
    paperclip (2.3.16)
      activerecord (>= 2.3.0)
      activesupport (>= 2.3.2)
      cocaine (>= 0.0.2)
      mime-types

GIT
  remote: git://github.com/tomharris/random_data.git
  revision: 2f92c979d87da72709874c19946ed048777760a5
  specs:
    random_data (1.5.2)

GEM
  remote: http://rubygems.org/
  specs:
    actionmailer (3.1.0.rc6)
      actionpack (= 3.1.0.rc6)
      mail (~> 2.3.0)
    actionpack (3.1.0.rc6)
      activemodel (= 3.1.0.rc6)
      activesupport (= 3.1.0.rc6)
      builder (~> 3.0.0)
      erubis (~> 2.7.0)
      i18n (~> 0.6)
      rack (~> 1.3.2)
      rack-cache (~> 1.0.2)
      rack-mount (~> 0.8.1)
      rack-test (~> 0.6.0)
      sprockets (~> 2.0.0.beta.12)
    activemodel (3.1.0.rc6)
      activesupport (= 3.1.0.rc6)
      bcrypt-ruby (~> 2.1.4)
      builder (~> 3.0.0)
      i18n (~> 0.6)
    activerecord (3.1.0.rc6)
      activemodel (= 3.1.0.rc6)
      activesupport (= 3.1.0.rc6)
      arel (~> 2.2.1)
      tzinfo (~> 0.3.29)
    activerecord-import (0.2.0)
      rails (>= 3.0.0rc)
    activeresource (3.1.0.rc6)
      activemodel (= 3.1.0.rc6)
      activesupport (= 3.1.0.rc6)
    activesupport (3.1.0.rc6)
      multi_json (~> 1.0)
    addressable (2.2.6)
    ansi (1.3.0)
    arel (2.2.1)
    aws-sdk (1.1.2)
      httparty (~> 0.7)
      json (~> 1.4)
      nokogiri (>= 1.4.4)
      uuidtools (~> 2.1)
    bcrypt-ruby (2.1.4)
    builder (3.0.0)
    cocaine (0.2.0)
    coffee-script (2.2.0)
      coffee-script-source
      execjs
    coffee-script-source (1.1.2)
    crack (0.1.8)
    diff-lcs (1.1.2)
    erubis (2.7.0)
    execjs (1.2.4)
      multi_json (~> 1.0)
    factory_girl (2.0.4)
    faraday (0.7.4)
      addressable (~> 2.2.6)
      multipart-post (~> 1.1.0)
      rack (>= 1.1.0, < 2)
    funtimes (0.2.1)
    hike (1.2.1)
    httparty (0.7.8)
      crack (= 0.1.8)
    i18n (0.6.0)
    image_downloader (0.2.4)
      nokogiri (>= 1.4.4)
    jquery-rails (1.0.13)
      railties (~> 3.0)
      thor (~> 0.14)
    json (1.5.3)
    libv8 (3.3.10.2)
    mail (2.3.0)
      i18n (>= 0.4.0)
      mime-types (~> 1.16)
      treetop (~> 1.4.8)
    mime-types (1.16)
    multi_json (1.0.3)
    multi_xml (0.3.0)
    multipart-post (1.1.3)
    mysql2 (0.3.7)
    net-ldap (0.2.2)
    nokogiri (1.5.0)
    oauth (0.4.5)
    oauth2 (0.5.0)
      faraday (>= 0.6.1, < 0.8)
      multi_json (~> 1.0.0)
    orm_adapter (0.0.5)
    pg (0.11.0)
    polyglot (0.3.2)
    pyu-ruby-sasl (0.0.3.3)
    rack (1.3.2)
    rack-cache (1.0.2)
      rack (>= 0.4)
    rack-mount (0.8.2)
      rack (>= 1.0.0)
    rack-openid (1.3.1)
      rack (>= 1.1.0)
      ruby-openid (>= 2.1.8)
    rack-ssl (1.3.2)
      rack
    rack-test (0.6.1)
      rack (>= 1.0)
    rails (3.1.0.rc6)
      actionmailer (= 3.1.0.rc6)
      actionpack (= 3.1.0.rc6)
      activerecord (= 3.1.0.rc6)
      activeresource (= 3.1.0.rc6)
      activesupport (= 3.1.0.rc6)
      bundler (~> 1.0)
      railties (= 3.1.0.rc6)
    railties (3.1.0.rc6)
      actionpack (= 3.1.0.rc6)
      activesupport (= 3.1.0.rc6)
      rack-ssl (~> 1.3.2)
      rake (>= 0.8.7)
      rdoc (~> 3.4)
      thor (~> 0.14.6)
    rake (0.9.2)
    rdoc (3.9.2)
    rest-client (1.6.7)
      mime-types (>= 1.16)
    riddle (1.4.0)
    rspec (2.6.0)
      rspec-core (~> 2.6.0)
      rspec-expectations (~> 2.6.0)
      rspec-mocks (~> 2.6.0)
    rspec-core (2.6.4)
    rspec-expectations (2.6.0)
      diff-lcs (~> 1.1.2)
    rspec-mocks (2.6.0)
    ruby-openid (2.1.8)
    ruby-openid-apps-discovery (1.2.0)
      ruby-openid (>= 2.1.7)
    rubyntlm (0.1.1)
    sass (3.1.7)
    sass-rails (3.1.0.rc.6)
      actionpack (~> 3.1.0.rc6)
      railties (~> 3.1.0.rc6)
      sass (>= 3.1.4)
    sequel (3.20.0)
    sinatra (1.0)
      rack (>= 1.0)
    spork (0.8.5)
    sprockets (2.0.0.beta.13)
      hike (~> 1.2)
      rack (~> 1.0)
      tilt (!= 1.3.0, ~> 1.1)
    sqlite3 (1.3.4)
    sqlite3-ruby (1.3.3)
      sqlite3 (>= 1.3.3)
    taps (0.3.23)
      rack (>= 1.0.1)
      rest-client (>= 1.4.0, < 1.7.0)
      sequel (~> 3.20.0)
      sinatra (~> 1.0.0)
      sqlite3-ruby (~> 1.2)
    therubyracer (0.9.3)
      libv8 (~> 3.3.10)
    therubyracer-heroku (0.8.1.pre3)
    thor (0.14.6)
    tilt (1.3.2)
    treetop (1.4.10)
      polyglot
      polyglot (>= 0.3.1)
    turn (0.8.2)
      ansi (>= 1.2.2)
    tzinfo (0.3.29)
    uglifier (1.0.1)
      execjs (>= 0.3.0)
      multi_json (>= 1.0.2)
    uuidtools (2.1.2)
    warden (1.0.5)
      rack (>= 1.0)

PLATFORMS
  ruby

DEPENDENCIES
  activerecord-import
  ajaxful_rating_jquery!
  aws-sdk
  carmen!
  coffee-script
  devise!
  dynamic_form!
  execjs
  factory_girl_rails!
  friendly_id!
  gmaps4rails!
  gravtastic!
  haml!
  image_downloader
  jquery-rails
  koala!
  mysql2
  nokogiri
  omniauth!
  paperclip!
  paperclip-aws!
  pg
  rails (= 3.1.0.rc6)
  random_data!
  randumb!
  rspec-rails!
  sass-rails (~> 3.1.0.rc)
  spork
  taps
  therubyracer
  therubyracer-heroku (= 0.8.1.pre3)
  thinking-sphinx!
  turn
  uglifier
  webrat!
  will_paginate!
  zodiac!
